GEM
  remote: https://rubygems.org/
  specs:
    activesupport (3.2.12)
      i18n (~> 0.6)
      multi_json (~> 1.0)
    climate_control (0.0.3)
      activesupport (>= 3.0)
    cocaine (0.5.1)
      climate_control (>= 0.0.3, < 1.0)
    diff-lcs (1.2.1)
    fruity_formatter (0.0.1)
      rspec
    i18n (0.6.4)
    mime-types (1.21)
    multi_json (1.6.1)
    rake (10.0.3)
    rspec (2.13.0)
      rspec-core (~> 2.13.0)
      rspec-expectations (~> 2.13.0)
      rspec-mocks (~> 2.13.0)
    rspec-core (2.13.0)
    rspec-expectations (2.13.0)
      diff-lcs (>= 1.1.3, < 2.0)
    rspec-mocks (2.13.0)
    taglib-ruby (0.7.0)
    trollop (1.16.2)

PLATFORMS
  ruby

DEPENDENCIES
  cocaine
  fruity_formatter
  mime-types
  rake
  rspec
  taglib-ruby
  trollop

BUNDLED WITH
   1.10.6
